PATH
  remote: .
  specs:
    docker-sync (0.4.5.beta1)
      daemons (~> 1.2, >= 1.2.3)
      docker-compose (~> 1.0, >= 1.0.2)
      dotenv (~> 2.1, >= 2.1.1)
      gem_update_checker (~> 0.2.0, >= 0.2.0)
      os
      terminal-notifier (= 1.6.3)
      thor (~> 0.19, >= 0.19.0)

GEM
  remote: https://rubygems.org/
  specs:
    backticks (1.0.0)
    coderay (1.1.1)
    daemons (1.2.4)
    diff-lcs (1.3)
    docker-compose (1.1.5)
      backticks (~> 1.0)
    dotenv (2.2.1)
    gem_update_checker (0.2.0)
    method_source (0.8.2)
    os (1.0.0)
    pry (0.10.4)
      coderay (~> 1.1.0)
      method_source (~> 0.8.1)
      slop (~> 3.4)
    rspec (3.5.0)
      rspec-core (~> 3.5.0)
      rspec-expectations (~> 3.5.0)
      rspec-mocks (~> 3.5.0)
    rspec-core (3.5.4)
      rspec-support (~> 3.5.0)
    rspec-expectations (3.5.0)
      diff-lcs (>= 1.2.0, < 2.0)
      rspec-support (~> 3.5.0)
    rspec-mocks (3.5.0)
      diff-lcs (>= 1.2.0, < 2.0)
      rspec-support (~> 3.5.0)
    rspec-support (3.5.0)
    slop (3.6.0)
    terminal-notifier (1.6.3)
    thor (0.19.4)

PLATFORMS
  ruby

DEPENDENCIES
  docker-sync!
  pry
  rspec

BUNDLED WITH
   1.14.6
