PATH
  remote: .
  specs:
    docker-sync (0.2.1)
      daemons (~> 1.2, >= 1.2.3)
      docker-compose (~> 1.0, >= 1.0.2)
      dotenv (~> 2.1, >= 2.1.1)
      gem_update_checker (~> 0.2.0, >= 0.2.0)
      terminal-notifier (= 1.6.3)
      thor (~> 0.19, >= 0.19.0)

GEM
  remote: https://rubygems.org/
  specs:
    backticks (1.0.0)
    daemons (1.2.4)
    docker-compose (1.0.4)
      backticks (~> 1.0)
    dotenv (2.2.0)
    gem_update_checker (0.2.0)
    terminal-notifier (1.6.3)
    thor (0.19.4)

PLATFORMS
  ruby

DEPENDENCIES
  docker-sync!

BUNDLED WITH
   1.13.7
