PATH
  remote: .
  specs:
    docker-sync (0.5.0.pre.rc1)
      daemons (~> 1.2, >= 1.2.3)
      docker-compose (~> 1.1, >= 1.1.7)
      dotenv (~> 2.1, >= 2.1.1)
      gem_update_checker (~> 0.2.0, >= 0.2.0)
      os
      terminal-notifier (= 2.0.0)
      thor (~> 0.19, >= 0.19.0)

GEM
  remote: https://rubygems.org/
  specs:
    activesupport (4.2.9)
      i18n (~> 0.7)
      minitest (~> 5.1)
      thread_safe (~> 0.3, >= 0.3.4)
      tzinfo (~> 1.1)
    backticks (1.0.2)
    coderay (1.1.1)
    daemons (1.2.5)
    diff-lcs (1.3)
    docker-compose (1.1.7)
      backticks (~> 1.0)
    dotenv (2.2.1)
    gem_update_checker (0.2.0)
    i18n (0.8.4)
    method_source (0.8.2)
    minitest (5.10.2)
    os (1.0.0)
    pry (0.10.4)
      coderay (~> 1.1.0)
      method_source (~> 0.8.1)
      slop (~> 3.4)
    rspec (3.6.0)
      rspec-core (~> 3.6.0)
      rspec-expectations (~> 3.6.0)
      rspec-mocks (~> 3.6.0)
    rspec-bash (0.1.0)
    rspec-core (3.6.0)
      rspec-support (~> 3.6.0)
    rspec-expectations (3.6.0)
      diff-lcs (>= 1.2.0, < 2.0)
      rspec-support (~> 3.6.0)
    rspec-mocks (3.6.0)
      diff-lcs (>= 1.2.0, < 2.0)
      rspec-support (~> 3.6.0)
    rspec-support (3.6.0)
    slop (3.6.0)
    terminal-notifier (2.0.0)
    thor (0.20.0)
    thread_safe (0.3.6)
    tzinfo (1.2.3)
      thread_safe (~> 0.1)

PLATFORMS
  ruby

DEPENDENCIES
  activesupport (~> 4.2)
  docker-sync!
  os
  pry
  rspec
  rspec-bash

BUNDLED WITH
   1.15.3
